PATH
  remote: .
  specs:
    reflekt (0.1.0)
      oj
      rowdb

GEM
  remote: https://rubygems.org/
  specs:
    oj (3.10.8)
    rowdb (0.1.1)
      oj
      rudash
    rudash (4.1.1)

PLATFORMS
  ruby

DEPENDENCIES
  reflekt!

BUNDLED WITH
   2.1.4
