PATH
  remote: .
  specs:
    reflekt (0.1.3)
      rowdb

GEM
  remote: https://rubygems.org/
  specs:
    bigdecimal (2.0.0)
    oj (3.10.9)
      bigdecimal (~> 2.0)
    rowdb (0.3.0)
      oj
      rudash
    rudash (4.1.2)

PLATFORMS
  ruby

DEPENDENCIES
  reflekt!

BUNDLED WITH
   2.1.4
