PATH
  remote: .
  specs:
    reflekt (0.7.2)
      rowdb

GEM
  remote: https://rubygems.org/
  specs:
    oj (3.10.13)
    rowdb (0.5.1)
      oj
      rudash
    rudash (4.1.2)

PLATFORMS
  ruby

DEPENDENCIES
  reflekt!

BUNDLED WITH
   2.1.4
