PATH
  remote: .
  specs:
    reflekt (0.5.0)
      rowdb

GEM
  remote: https://rubygems.org/
  specs:
    bigdecimal (2.0.0)
    oj (3.10.12)
      bigdecimal (>= 1.0, < 3)
    rowdb (0.5.1)
      oj
      rudash
    rudash (4.1.2)

PLATFORMS
  ruby

DEPENDENCIES
  reflekt!

BUNDLED WITH
   2.1.4
